PATH
  remote: .
  specs:
    ofx (0.4.1)
      bigdecimal (= 3.1.8)
      nkf (= 0.2.0)
      nokogiri (>= 1.14.5)

GEM
  remote: https://rubygems.org/
  specs:
    byebug (11.1.3)
    diff-lcs (1.5.1)
    mini_portile2 (2.8.2)
    nokogiri (1.15.3)
      mini_portile2 (~> 2.8.2)
      racc (~> 1.4)
    racc (1.7.1)
    rake (13.0.6)
    rspec (3.13.0)
      rspec-core (~> 3.13.0)
      rspec-expectations (~> 3.13.0)
      rspec-mocks (~> 3.13.0)
    rspec-core (3.13.1)
      rspec-support (~> 3.13.0)
    rspec-expectations (3.13.3)
      diff-lcs (>= 1.2.0, < 2.0)
      rspec-support (~> 3.13.0)
    rspec-mocks (3.13.1)
      diff-lcs (>= 1.2.0, < 2.0)
      rspec-support (~> 3.13.0)
    rspec-support (3.13.1)

PLATFORMS
  ruby

DEPENDENCIES
  byebug (~> 11.1.3)
  ofx!
  rake (~> 13.0.6)
  rspec (~> 3.10)

BUNDLED WITH
   1.16.4
