PATH
  remote: .
  specs:
    ofx (0.3.7)
      erb (~> 4.0.4)
      nokogiri (>= 1.13.1, < 1.16.0)
      stringio (~> 3.1.7)

GEM
  remote: https://rubygems.org/
  specs:
    byebug (11.1.3)
    cgi (0.5.0)
    diff-lcs (1.6.2)
    erb (4.0.4)
      cgi (>= 0.3.3)
    nokogiri (1.15.7-arm64-darwin)
      racc (~> 1.4)
    nokogiri (1.15.7-x86_64-linux)
      racc (~> 1.4)
    racc (1.8.1)
    rake (13.0.6)
    rspec (3.13.1)
      rspec-core (~> 3.13.0)
      rspec-expectations (~> 3.13.0)
      rspec-mocks (~> 3.13.0)
    rspec-core (3.13.4)
      rspec-support (~> 3.13.0)
    rspec-expectations (3.13.5)
      diff-lcs (>= 1.2.0, < 2.0)
      rspec-support (~> 3.13.0)
    rspec-mocks (3.13.5)
      diff-lcs (>= 1.2.0, < 2.0)
      rspec-support (~> 3.13.0)
    rspec-support (3.13.4)
    stringio (3.1.7)

PLATFORMS
  arm64-darwin-24
  x86_64-linux

DEPENDENCIES
  byebug (~> 11.1.3)
  ofx!
  rake (~> 13.0.6)
  rspec (~> 3.10)

BUNDLED WITH
   2.3.3
