PATH
  remote: .
  specs:
    ofx (0.3.1)
      nokogiri

GEM
  remote: http://gems.simplesideias.com.br/
  specs:
    diff-lcs (1.1.3)
    nokogiri (1.5.0)
    rspec (2.7.0)
      rspec-core (~> 2.7.0)
      rspec-expectations (~> 2.7.0)
      rspec-mocks (~> 2.7.0)
    rspec-core (2.7.1)
    rspec-expectations (2.7.0)
      diff-lcs (~> 1.1.2)
    rspec-mocks (2.7.0)

PLATFORMS
  ruby

DEPENDENCIES
  ofx!
  rspec (~> 2.6)
